GEM
  remote: https://rubygems.org/
  specs:
    hashie (1.2.0)
    metainspector (1.15.0)
      nokogiri (~> 1.5)
      open_uri_redirections (~> 0.1.0)
      rash (= 0.3.2)
    mini_portile2 (2.8.1)
    multi_json (1.15.0)
    mustermann (2.0.2)
      ruby2_keywords (~> 0.0.1)
    nokogiri (1.13.10)
      mini_portile2 (~> 2.8.0)
      racc (~> 1.4)
    open_uri_redirections (0.1.4)
    racc (1.6.2)
    rack (2.2.6.4)
    rack-protection (2.2.3)
      rack
    rash (0.3.2)
      hashie (~> 1.2.0)
    ruby2_keywords (0.0.5)
    sinatra (2.2.3)
      mustermann (~> 2.0)
      rack (~> 2.2)
      rack-protection (= 2.2.3)
      tilt (~> 2.0)
    sinatra-contrib (2.2.3)
      multi_json
      mustermann (~> 2.0)
      rack-protection (= 2.2.3)
      sinatra (= 2.2.3)
      tilt (~> 2.0)
    tilt (2.1.0)

PLATFORMS
  ruby

DEPENDENCIES
  metainspector
  nokogiri
  sinatra
  sinatra-contrib

RUBY VERSION
   ruby 2.7.5p203

BUNDLED WITH
   2.3.16
